PATH
  remote: .
  specs:
    validator.nu (0.0.6)
      validator.nu
      yajl-ruby (= 1.1.0)

GEM
  remote: http://rubygems.org/
  specs:
    diff-lcs (1.1.3)
    rake (10.0.3)
    rspec (2.12.0)
      rspec-core (~> 2.12.0)
      rspec-expectations (~> 2.12.0)
      rspec-mocks (~> 2.12.0)
    rspec-core (2.12.2)
    rspec-expectations (2.12.1)
      diff-lcs (~> 1.1.3)
    rspec-mocks (2.12.1)
    yajl-ruby (1.1.0)

PLATFORMS
  ruby

DEPENDENCIES
  rake
  rspec
  validator.nu!
